GEM
  remote: https://rubygems.org/
  specs:
    Nessus6 (0.3.4)
      hurley (~> 0.2)
    activesupport (4.2.11.1)
      i18n (~> 0.7)
      minitest (~> 5.1)
      thread_safe (~> 0.3, >= 0.3.4)
      tzinfo (~> 1.1)
    addressable (2.7.0)
      public_suffix (>= 2.0.2, < 5.0)
    artifactory (2.8.2)
    aws-eventstream (1.0.3)
    aws-sdk (2.11.417)
      aws-sdk-resources (= 2.11.417)
    aws-sdk-core (2.11.417)
      aws-sigv4 (~> 1.0)
      jmespath (~> 1.0)
    aws-sdk-resources (2.11.417)
      aws-sdk-core (= 2.11.417)
    aws-sigv4 (1.1.0)
      aws-eventstream (~> 1.0, >= 1.0.2)
    aws_config (0.1.0)
    awsecrets (1.14.0)
      aws-sdk (>= 2, < 4)
      aws_config (~> 0.1.0)
    awspec (0.88.3)
      activesupport (~> 4.0)
      aws-sdk (>= 2.2, < 3)
      awsecrets (~> 1.14)
      ipaddress
      rspec (~> 3.0)
      rspec-its
      term-ansicolor
      thor
    azure-core (0.1.15)
      faraday (~> 0.9)
      faraday_middleware (~> 0.10)
      nokogiri (~> 1.6)
    azure-storage (0.14.0.preview)
      azure-core (~> 0.1)
      faraday (~> 0.9)
      faraday_middleware (~> 0.10)
      nokogiri (~> 1.6, >= 1.6.8)
    azure_cognitiveservices_computervision (0.19.0)
      ms_rest_azure (~> 0.11.0)
    azure_cognitiveservices_contentmoderator (0.17.2)
      ms_rest_azure (~> 0.11.0)
    azure_cognitiveservices_customsearch (0.18.1)
      ms_rest_azure (~> 0.11.0)
    azure_cognitiveservices_entitysearch (0.18.1)
      ms_rest_azure (~> 0.11.0)
    azure_cognitiveservices_face (0.18.0)
      ms_rest_azure (~> 0.11.0)
    azure_cognitiveservices_imagesearch (0.18.1)
      ms_rest_azure (~> 0.11.0)
    azure_cognitiveservices_newssearch (0.18.1)
      ms_rest_azure (~> 0.11.0)
    azure_cognitiveservices_spellcheck (0.18.1)
      ms_rest_azure (~> 0.11.0)
    azure_cognitiveservices_textanalytics (0.17.3)
      ms_rest_azure (~> 0.11.0)
    azure_cognitiveservices_videosearch (0.18.1)
      ms_rest_azure (~> 0.11.0)
    azure_cognitiveservices_websearch (0.18.1)
      ms_rest_azure (~> 0.11.0)
    azure_event_grid (0.17.1)
      ms_rest_azure (~> 0.11.0)
    azure_graph_rbac (0.17.1)
      ms_rest_azure (~> 0.11.0)
    azure_key_vault (0.17.3)
      ms_rest_azure (~> 0.11.0)
    azure_mgmt_analysis_services (0.17.2)
      ms_rest_azure (~> 0.11.0)
    azure_mgmt_api_management (0.18.3)
      ms_rest_azure (~> 0.11.0)
    azure_mgmt_authorization (0.18.4)
      ms_rest_azure (~> 0.11.0)
    azure_mgmt_automation (0.17.2)
      ms_rest_azure (~> 0.11.0)
    azure_mgmt_batch (0.17.2)
      ms_rest_azure (~> 0.11.0)
    azure_mgmt_billing (0.17.2)
      ms_rest_azure (~> 0.11.0)
    azure_mgmt_cdn (0.17.3)
      ms_rest_azure (~> 0.11.0)
    azure_mgmt_cognitive_services (0.18.2)
      ms_rest_azure (~> 0.11.0)
    azure_mgmt_commerce (0.17.1)
      ms_rest_azure (~> 0.11.0)
    azure_mgmt_compute (0.18.6)
      ms_rest_azure (~> 0.11.0)
    azure_mgmt_consumption (0.17.2)
      ms_rest_azure (~> 0.11.0)
    azure_mgmt_container_instance (0.17.4)
      ms_rest_azure (~> 0.11.0)
    azure_mgmt_container_registry (0.18.2)
      ms_rest_azure (~> 0.11.0)
    azure_mgmt_container_service (0.18.5)
      ms_rest_azure (~> 0.11.0)
    azure_mgmt_customer_insights (0.17.2)
      ms_rest_azure (~> 0.11.0)
    azure_mgmt_datalake_analytics (0.17.2)
      ms_rest_azure (~> 0.11.0)
    azure_mgmt_datalake_store (0.17.2)
      ms_rest_azure (~> 0.11.0)
    azure_mgmt_dev_spaces (0.17.2)
      ms_rest_azure (~> 0.11.0)
    azure_mgmt_devtestlabs (0.17.3)
      ms_rest_azure (~> 0.11.0)
    azure_mgmt_dns (0.17.4)
      ms_rest_azure (~> 0.11.0)
    azure_mgmt_event_grid (0.17.5)
      ms_rest_azure (~> 0.11.0)
    azure_mgmt_event_hub (0.17.3)
      ms_rest_azure (~> 0.11.0)
    azure_mgmt_features (0.17.2)
      ms_rest_azure (~> 0.11.0)
    azure_mgmt_iot_central (0.17.3)
      ms_rest_azure (~> 0.11.0)
    azure_mgmt_iot_hub (0.17.2)
      ms_rest_azure (~> 0.11.0)
    azure_mgmt_key_vault (0.17.4)
      ms_rest_azure (~> 0.11.0)
    azure_mgmt_links (0.17.2)
      ms_rest_azure (~> 0.11.0)
    azure_mgmt_locks (0.17.3)
      ms_rest_azure (~> 0.11.0)
    azure_mgmt_logic (0.18.1)
      ms_rest_azure (~> 0.11.0)
    azure_mgmt_machine_learning (0.17.2)
      ms_rest_azure (~> 0.11.0)
    azure_mgmt_managed_applications (0.17.2)
      ms_rest_azure (~> 0.11.0)
    azure_mgmt_marketplace_ordering (0.17.4)
      ms_rest_azure (~> 0.11.0)
    azure_mgmt_media_services (0.19.0)
      ms_rest_azure (~> 0.11.0)
    azure_mgmt_monitor (0.17.4)
      ms_rest_azure (~> 0.11.0)
    azure_mgmt_msi (0.17.1)
      ms_rest_azure (~> 0.11.0)
    azure_mgmt_network (0.18.7)
      ms_rest_azure (~> 0.11.0)
    azure_mgmt_notification_hubs (0.17.2)
      ms_rest_azure (~> 0.11.0)
    azure_mgmt_operational_insights (0.17.2)
      ms_rest_azure (~> 0.11.0)
    azure_mgmt_policy (0.17.4)
      ms_rest_azure (~> 0.11.0)
    azure_mgmt_policy_insights (0.17.4)
      ms_rest_azure (~> 0.11.0)
    azure_mgmt_powerbi_embedded (0.17.1)
      ms_rest_azure (~> 0.11.0)
    azure_mgmt_recovery_services (0.17.3)
      ms_rest_azure (~> 0.11.0)
    azure_mgmt_recovery_services_backup (0.17.2)
      ms_rest_azure (~> 0.11.0)
    azure_mgmt_recovery_services_site_recovery (0.17.2)
      ms_rest_azure (~> 0.11.0)
    azure_mgmt_redis (0.17.3)
      ms_rest_azure (~> 0.11.0)
    azure_mgmt_relay (0.17.2)
      ms_rest_azure (~> 0.11.0)
    azure_mgmt_resources (0.17.4)
      ms_rest_azure (~> 0.11.0)
    azure_mgmt_resources_management (0.17.1)
      ms_rest_azure (~> 0.11.0)
    azure_mgmt_scheduler (0.17.1)
      ms_rest_azure (~> 0.11.0)
    azure_mgmt_search (0.17.2)
      ms_rest_azure (~> 0.11.0)
    azure_mgmt_security (0.17.2)
      ms_rest_azure (~> 0.11.0)
    azure_mgmt_service_bus (0.17.3)
      ms_rest_azure (~> 0.11.0)
    azure_mgmt_service_fabric (0.17.2)
      ms_rest_azure (~> 0.11.0)
    azure_mgmt_signalr (0.17.3)
      ms_rest_azure (~> 0.11.0)
    azure_mgmt_sql (0.17.3)
      ms_rest_azure (~> 0.11.0)
    azure_mgmt_stor_simple8000_series (0.17.2)
      ms_rest_azure (~> 0.11.0)
    azure_mgmt_storage (0.17.9)
      ms_rest_azure (~> 0.11.0)
    azure_mgmt_stream_analytics (0.17.2)
      ms_rest_azure (~> 0.11.0)
    azure_mgmt_subscriptions (0.17.3)
      ms_rest_azure (~> 0.11.0)
    azure_mgmt_traffic_manager (0.17.2)
      ms_rest_azure (~> 0.11.0)
    azure_mgmt_web (0.17.4)
      ms_rest_azure (~> 0.11.0)
    azure_sdk (0.25.5)
      azure-storage (~> 0.14.0.preview)
      azure_cognitiveservices_computervision (~> 0.19.0)
      azure_cognitiveservices_contentmoderator (~> 0.17.2)
      azure_cognitiveservices_customsearch (~> 0.18.1)
      azure_cognitiveservices_entitysearch (~> 0.18.1)
      azure_cognitiveservices_face (~> 0.18.0)
      azure_cognitiveservices_imagesearch (~> 0.18.1)
      azure_cognitiveservices_newssearch (~> 0.18.1)
      azure_cognitiveservices_spellcheck (~> 0.18.1)
      azure_cognitiveservices_textanalytics (~> 0.17.3)
      azure_cognitiveservices_videosearch (~> 0.18.1)
      azure_cognitiveservices_websearch (~> 0.18.1)
      azure_event_grid (~> 0.17.1)
      azure_graph_rbac (~> 0.17.1)
      azure_key_vault (~> 0.17.3)
      azure_mgmt_analysis_services (~> 0.17.2)
      azure_mgmt_api_management (~> 0.18.3)
      azure_mgmt_authorization (~> 0.18.4)
      azure_mgmt_automation (~> 0.17.2)
      azure_mgmt_batch (~> 0.17.2)
      azure_mgmt_billing (~> 0.17.2)
      azure_mgmt_cdn (~> 0.17.3)
      azure_mgmt_cognitive_services (~> 0.18.2)
      azure_mgmt_commerce (~> 0.17.1)
      azure_mgmt_compute (~> 0.18.6)
      azure_mgmt_consumption (~> 0.17.2)
      azure_mgmt_container_instance (~> 0.17.4)
      azure_mgmt_container_registry (~> 0.18.2)
      azure_mgmt_container_service (~> 0.18.5)
      azure_mgmt_customer_insights (~> 0.17.2)
      azure_mgmt_datalake_analytics (~> 0.17.2)
      azure_mgmt_datalake_store (~> 0.17.2)
      azure_mgmt_dev_spaces (~> 0.17.2)
      azure_mgmt_devtestlabs (~> 0.17.3)
      azure_mgmt_dns (~> 0.17.4)
      azure_mgmt_event_grid (~> 0.17.5)
      azure_mgmt_event_hub (~> 0.17.3)
      azure_mgmt_features (~> 0.17.2)
      azure_mgmt_iot_central (~> 0.17.3)
      azure_mgmt_iot_hub (~> 0.17.2)
      azure_mgmt_key_vault (~> 0.17.4)
      azure_mgmt_links (~> 0.17.2)
      azure_mgmt_locks (~> 0.17.3)
      azure_mgmt_logic (~> 0.18.1)
      azure_mgmt_machine_learning (~> 0.17.2)
      azure_mgmt_managed_applications (~> 0.17.2)
      azure_mgmt_marketplace_ordering (~> 0.17.4)
      azure_mgmt_media_services (~> 0.19.0)
      azure_mgmt_monitor (~> 0.17.4)
      azure_mgmt_msi (~> 0.17.1)
      azure_mgmt_network (~> 0.18.7)
      azure_mgmt_notification_hubs (~> 0.17.2)
      azure_mgmt_operational_insights (~> 0.17.2)
      azure_mgmt_policy (~> 0.17.4)
      azure_mgmt_policy_insights (~> 0.17.4)
      azure_mgmt_powerbi_embedded (~> 0.17.1)
      azure_mgmt_recovery_services (~> 0.17.3)
      azure_mgmt_recovery_services_backup (~> 0.17.2)
      azure_mgmt_recovery_services_site_recovery (~> 0.17.2)
      azure_mgmt_redis (~> 0.17.3)
      azure_mgmt_relay (~> 0.17.2)
      azure_mgmt_resources (~> 0.17.4)
      azure_mgmt_resources_management (~> 0.17.1)
      azure_mgmt_scheduler (~> 0.17.1)
      azure_mgmt_search (~> 0.17.2)
      azure_mgmt_security (~> 0.17.2)
      azure_mgmt_service_bus (~> 0.17.3)
      azure_mgmt_service_fabric (~> 0.17.2)
      azure_mgmt_signalr (~> 0.17.3)
      azure_mgmt_sql (~> 0.17.3)
      azure_mgmt_stor_simple8000_series (~> 0.17.2)
      azure_mgmt_storage (~> 0.17.9)
      azure_mgmt_stream_analytics (~> 0.17.2)
      azure_mgmt_subscriptions (~> 0.17.3)
      azure_mgmt_traffic_manager (~> 0.17.2)
      azure_mgmt_web (~> 0.17.4)
    berkshelf (7.0.8)
      chef (>= 13.6.52)
      chef-config
      cleanroom (~> 1.0)
      concurrent-ruby (~> 1.0)
      minitar (>= 0.6)
      mixlib-archive (>= 0.4, < 2.0)
      mixlib-config (>= 2.2.5)
      mixlib-shellout (>= 2.0, < 4.0)
      octokit (~> 4.0)
      retryable (>= 2.0, < 4.0)
      solve (~> 4.0)
      thor (>= 0.20)
    builder (3.2.4)
    bump (0.6.1)
    chef (13.12.14)
      addressable
      bundler (>= 1.10)
      chef-config (= 13.12.14)
      chef-zero (~> 13.0)
      diff-lcs (~> 1.2, >= 1.2.4)
      erubis (~> 2.7)
      ffi-yajl (~> 2.2)
      highline (~> 1.6, >= 1.6.9)
      iniparse (~> 1.4)
      iso8601 (~> 0.12.1)
      mixlib-archive (~> 0.4)
      mixlib-authentication (~> 1.4)
      mixlib-cli (~> 1.7)
      mixlib-log (~> 1.3)
      mixlib-shellout (~> 2.4)
      net-sftp (~> 2.1, >= 2.1.2)
      net-ssh (>= 2.9, < 5.0)
      net-ssh-multi (~> 1.2, >= 1.2.1)
      ohai (~> 13.0)
      plist (~> 3.2)
      proxifier (~> 1.0)
      rspec-core (~> 3.5, < 3.8)
      rspec-expectations (~> 3.5, < 3.8)
      rspec-mocks (~> 3.5, < 3.8)
      rspec_junit_formatter (~> 0.2.0)
      serverspec (~> 2.7)
      specinfra (~> 2.10)
      syslog-logger (~> 1.6)
      uuidtools (~> 2.1.5)
    chef-config (13.12.14)
      addressable
      fuzzyurl
      mixlib-config (>= 2.2.12, < 3.0)
      mixlib-shellout (~> 2.0)
      tomlrb (~> 1.2)
    chef-zero (13.1.0)
      ffi-yajl (~> 2.2)
      hashie (>= 2.0, < 4.0)
      mixlib-log (~> 1.3)
      rack (~> 2.0)
      uuidtools (~> 2.1)
    cleanroom (1.0.0)
    coderay (1.1.2)
    concurrent-ruby (1.1.5)
    declarative (0.0.10)
    declarative-option (0.1.0)
    diff-lcs (1.3)
    docker-api (1.34.2)
      excon (>= 0.47.0)
      multi_json
    domain_name (0.5.20190701)
      unf (>= 0.0.5, < 1.0.0)
    equatable (0.6.1)
    erubi (1.9.0)
    erubis (2.7.0)
    excon (0.71.0)
    faraday (0.17.1)
      multipart-post (>= 1.2, < 3)
    faraday-cookie_jar (0.0.6)
      faraday (>= 0.7.4)
      http-cookie (~> 1.0.0)
    faraday_middleware (0.12.2)
      faraday (>= 0.7.4, < 1.0)
    ffi (1.11.3)
    ffi-yajl (2.3.1)
      libyajl2 (~> 1.2)
    fuzzyurl (0.9.0)
    google-api-client (0.23.9)
      addressable (~> 2.5, >= 2.5.1)
      googleauth (>= 0.5, < 0.7.0)
      httpclient (>= 2.8.1, < 3.0)
      mime-types (~> 3.0)
      representable (~> 3.0)
      retriable (>= 2.0, < 4.0)
      signet (~> 0.9)
    googleauth (0.6.7)
      faraday (~> 0.12)
      jwt (>= 1.4, < 3.0)
      memoist (~> 0.16)
      multi_json (~> 1.11)
      os (>= 0.9, < 2.0)
      signet (~> 0.7)
    gssapi (1.3.0)
      ffi (>= 1.0.1)
    gyoku (1.3.1)
      builder (>= 2.1.2)
    hashie (3.6.0)
    hcl-checker (1.0.6)
    highline (1.7.10)
    htmlentities (4.3.4)
    http-cookie (1.0.3)
      domain_name (~> 0.5)
    httpclient (2.8.3)
    hurley (0.2)
    i18n (0.9.5)
      concurrent-ruby (~> 1.0)
    inifile (3.0.0)
    iniparse (1.4.4)
    inspec (3.9.3)
      addressable (~> 2.4)
      faraday (>= 0.9.0)
      faraday_middleware (~> 0.12.2)
      hashie (~> 3.4)
      htmlentities
      json (>= 1.8, < 3.0)
      method_source (~> 0.8)
      mixlib-log
      multipart-post
      parallel (~> 1.9)
      parslet (~> 1.5)
      pry (~> 0)
      rspec (~> 3)
      rspec-its (~> 1.2)
      rubyzip (~> 1.2, >= 1.2.2)
      semverse
      sslshake (~> 1.2)
      term-ansicolor
      thor (~> 0.20)
      tomlrb (~> 1.2)
      train (~> 1.5, >= 1.7.2)
      train-habitat (~> 0.1)
      tty-prompt (~> 0.17)
      tty-table (~> 0.10)
    ipaddress (0.8.3)
    iso8601 (0.12.1)
    jmespath (1.4.0)
    json (2.3.0)
    jwt (2.2.1)
    knife-art (1.0.1)
    libyajl2 (1.2.0)
    little-plugger (1.1.4)
    logging (2.2.2)
      little-plugger (~> 1.1)
      multi_json (~> 1.10)
    memoist (0.16.2)
    method_source (0.9.2)
    mime-types (3.3)
      mime-types-data (~> 3.2015)
    mime-types-data (3.2019.1009)
    mini_portile2 (2.4.0)
    minitar (0.9)
    minitest (5.13.0)
    mixlib-archive (0.4.20)
      mixlib-log
    mixlib-authentication (1.4.2)
    mixlib-cli (1.7.0)
    mixlib-config (2.2.18)
      tomlrb
    mixlib-log (1.7.1)
    mixlib-shellout (2.4.4)
    molinillo (0.6.6)
    ms_rest (0.7.5)
      concurrent-ruby (~> 1.0)
      faraday (~> 0.9)
      timeliness (~> 0.3.10)
    ms_rest_azure (0.11.0)
      concurrent-ruby (~> 1.0)
      faraday (~> 0.9)
      faraday-cookie_jar (~> 0.0.6)
      ms_rest (~> 0.7.2)
    multi_json (1.14.1)
    multipart-post (2.1.1)
    necromancer (0.5.1)
    nessus-tasks (0.3.4)
      Nessus6 (~> 0.3.3)
      rake (~> 10.1, < 11.0)
    net-scp (1.2.1)
      net-ssh (>= 2.6.5)
    net-sftp (2.1.2)
      net-ssh (>= 2.6.5)
    net-ssh (4.2.0)
    net-ssh-gateway (2.0.0)
      net-ssh (>= 4.0.0)
    net-ssh-multi (1.2.1)
      net-ssh (>= 2.6.5)
      net-ssh-gateway (>= 1.2.0)
    net-telnet (0.1.1)
    nokogiri (1.10.8)
      mini_portile2 (~> 2.4.0)
    nori (2.6.0)
    octokit (4.14.0)
      sawyer (~> 0.8.0, >= 0.5.3)
    ohai (13.12.6)
      chef-config (>= 12.5.0.alpha.1, < 14)
      ffi (~> 1.9)
      ffi-yajl (~> 2.2)
      ipaddress
      mixlib-cli (< 2.0)
      mixlib-config (~> 2.0)
      mixlib-log (>= 1.7.1, < 2.0)
      mixlib-shellout (~> 2.0)
      plist (~> 3.1)
      systemu (~> 2.6.4)
      wmi-lite (~> 1.0)
    os (1.0.1)
    parallel (1.19.1)
    parslet (1.8.2)
    pastel (0.7.3)
      equatable (~> 0.6)
      tty-color (~> 0.5)
    pipeline-tasks (0.7.85)
      Nessus6 (>= 0.3.3, < 1.0)
      artifactory (>= 2.0, < 3.0)
      aws-sdk (~> 2.1)
      awspec (~> 0.88.3, < 1.0)
      azure_sdk (>= 0.25.5)
      berkshelf (~> 7.0.8, < 8.0)
      bump (~> 0.6.1, < 1.0)
      chef (> 12.1, < 14.0)
      hcl-checker (~> 1.0.6)
      inspec (> 3.0, < 4.0)
      knife-art (>= 1.0.0, < 2.0)
      nessus-tasks (>= 0.2.9, < 1.0)
      rainbow (~> 2.2, < 3.0)
      rake (~> 10.1, < 11.0)
      redcarpet (~> 3.4, >= 3.4.0)
      rspec (~> 3.4, < 4.0)
      rspec_junit_formatter (~> 0)
      rubyzip (~> 1.0, >= 1.0.0)
      serverspec (~> 2.25, < 3.0)
      sshkey (> 1.0, < 2.0)
      sysrandom (~> 1.0, >= 1.0.5)
      unf_ext (= 0.0.7.5)
      winrm (~> 2.0)
      yard (~> 0.9.16)
    plist (3.5.0)
    proxifier (1.0.3)
    pry (0.12.2)
      coderay (~> 1.1.0)
      method_source (~> 0.9.0)
    public_suffix (4.0.1)
    rack (2.2.3)
    rainbow (2.2.2)
      rake
    rake (10.5.0)
    redcarpet (3.5.0)
    representable (3.0.4)
      declarative (< 0.1.0)
      declarative-option (< 0.2.0)
      uber (< 0.2.0)
    retriable (3.1.2)
    retryable (3.0.5)
    rspec (3.7.0)
      rspec-core (~> 3.7.0)
      rspec-expectations (~> 3.7.0)
      rspec-mocks (~> 3.7.0)
    rspec-core (3.7.1)
      rspec-support (~> 3.7.0)
    rspec-expectations (3.7.0)
      diff-lcs (>= 1.2.0, < 2.0)
      rspec-support (~> 3.7.0)
    rspec-its (1.3.0)
      rspec-core (>= 3.0.0)
      rspec-expectations (>= 3.0.0)
    rspec-mocks (3.7.0)
      diff-lcs (>= 1.2.0, < 2.0)
      rspec-support (~> 3.7.0)
    rspec-support (3.7.1)
    rspec_junit_formatter (0.2.3)
      builder (< 4)
      rspec-core (>= 2, < 4, != 2.12.0)
    rubyntlm (0.6.2)
    rubyzip (1.3.0)
    sawyer (0.8.2)
      addressable (>= 2.3.5)
      faraday (> 0.8, < 2.0)
    semverse (3.0.0)
    serverspec (2.41.5)
      multi_json
      rspec (~> 3.0)
      rspec-its
      specinfra (~> 2.72)
    sfl (2.3)
    signet (0.12.0)
      addressable (~> 2.3)
      faraday (~> 0.9)
      jwt (>= 1.5, < 3.0)
      multi_json (~> 1.10)
    solve (4.0.2)
      molinillo (~> 0.6)
      semverse (>= 1.1, < 4.0)
    specinfra (2.82.4)
      net-scp
      net-ssh (>= 2.7)
      net-telnet (= 0.1.1)
      sfl
    sshkey (1.9.0)
    sslshake (1.3.0)
    strings (0.1.8)
      strings-ansi (~> 0.1)
      unicode-display_width (~> 1.5)
      unicode_utils (~> 1.4)
    strings-ansi (0.2.0)
    syslog-logger (1.6.8)
    sysrandom (1.0.5)
    systemu (2.6.5)
    term-ansicolor (1.7.1)
      tins (~> 1.0)
    thor (0.20.3)
    thread_safe (0.3.6)
    timeliness (0.3.10)
    tins (1.22.2)
    tomlrb (1.2.9)
    train (1.7.6)
      aws-sdk (~> 2)
      azure_graph_rbac (~> 0.16)
      azure_mgmt_key_vault (~> 0.17)
      azure_mgmt_resources (~> 0.15)
      docker-api (~> 1.26)
      google-api-client (~> 0.23.9)
      googleauth (~> 0.6.6)
      inifile
      json (>= 1.8, < 3.0)
      mixlib-shellout (>= 2.0)
      net-scp (~> 1.2)
      net-ssh (>= 2.9, < 6.0)
      winrm (~> 2.0)
      winrm-fs (~> 1.0)
    train-habitat (0.2.13)
    tty-color (0.5.0)
    tty-cursor (0.7.0)
    tty-prompt (0.20.0)
      necromancer (~> 0.5.0)
      pastel (~> 0.7.0)
      tty-reader (~> 0.7.0)
    tty-reader (0.7.0)
      tty-cursor (~> 0.7)
      tty-screen (~> 0.7)
      wisper (~> 2.0.0)
    tty-screen (0.7.0)
    tty-table (0.11.0)
      equatable (~> 0.6)
      necromancer (~> 0.5)
      pastel (~> 0.7.2)
      strings (~> 0.1.5)
      tty-screen (~> 0.7)
    tzinfo (1.2.5)
      thread_safe (~> 0.1)
    uber (0.1.0)
    unf (0.1.4)
      unf_ext
    unf_ext (0.0.7.5)
    unicode-display_width (1.6.0)
    unicode_utils (1.4.0)
    uuidtools (2.1.5)
    winrm (2.3.3)
      builder (>= 2.1.2)
      erubi (~> 1.8)
      gssapi (~> 1.2)
      gyoku (~> 1.0)
      httpclient (~> 2.2, >= 2.2.0.2)
      logging (>= 1.6.1, < 3.0)
      nori (~> 2.0)
      rubyntlm (~> 0.6.0, >= 0.6.1)
    winrm-fs (1.3.3)
      erubi (~> 1.8)
      logging (>= 1.6.1, < 3.0)
      rubyzip (~> 1.1)
      winrm (~> 2.0)
    wisper (2.0.1)
    wmi-lite (1.0.2)
    yard (0.9.20)

PLATFORMS
  ruby

DEPENDENCIES
  pipeline-tasks (~> 0.7.24)

BUNDLED WITH
   1.17.3
